GEM
  remote: https://rubygems.org/
  specs:
    date (3.3.4)
    net-imap (0.4.8)
      date
      net-protocol
    net-protocol (0.2.2)
      timeout
    timeout (0.4.1)

PLATFORMS
  x86_64-darwin-22

DEPENDENCIES
  net-imap

BUNDLED WITH
   2.4.19
